GEM
  remote: https://rubygems.org/
  specs:
    addressable (2.5.1)
      public_suffix (~> 2.0, >= 2.0.2)
    domain_name (0.5.20170404)
      unf (>= 0.0.5, < 1.0.0)
    faraday (0.12.1)
      multipart-post (>= 1.2, < 3)
    faraday-cookie_jar (0.0.6)
      faraday (>= 0.7.4)
      http-cookie (~> 1.0.0)
    faraday-encoding (0.0.4)
      faraday
    faraday-http-cache (2.0.0)
      faraday (~> 0.8)
    faraday_middleware (0.11.0.1)
      faraday (>= 0.7.4, < 1.0)
    fastimage (2.1.0)
    http-cookie (1.0.3)
      domain_name (~> 0.5)
    metainspector (5.4.1)
      addressable (~> 2.5)
      faraday (~> 0.11)
      faraday-cookie_jar (~> 0.0)
      faraday-encoding (~> 0.0)
      faraday-http-cache (~> 2.0)
      faraday_middleware (~> 0.11)
      fastimage (~> 2.1)
      nesty (~> 1.0)
      nokogiri (~> 1.7)
    mini_portile2 (2.1.0)
    multipart-post (2.0.0)
    nesty (1.0.2)
    nokogiri (1.7.2)
      mini_portile2 (~> 2.1.0)
    parallel (1.11.2)
    public_suffix (2.0.5)
    unf (0.1.4)
      unf_ext
    unf_ext (0.0.7.4)
    yajl-ruby (1.3.0)

PLATFORMS
  ruby

DEPENDENCIES
  metainspector
  nokogiri
  parallel
  yajl-ruby

RUBY VERSION
   ruby 2.4.0p0

BUNDLED WITH
   1.14.5
