GEM
  remote: https://rubygems.org/
  specs:
    addressable (2.5.2)
      public_suffix (>= 2.0.2, < 4.0)
    concurrent-ruby (1.0.5)
    domain_name (0.5.20180417)
      unf (>= 0.0.5, < 1.0.0)
    faraday (0.15.2)
      multipart-post (>= 1.2, < 3)
    faraday-cookie_jar (0.0.6)
      faraday (>= 0.7.4)
      http-cookie (~> 1.0.0)
    faraday-encoding (0.0.4)
      faraday
    faraday-http-cache (1.3.1)
      faraday (~> 0.8)
    faraday_middleware (0.12.2)
      faraday (>= 0.7.4, < 1.0)
    fastimage (2.1.3)
    hamster (3.0.0)
      concurrent-ruby (~> 1.0)
    http-cookie (1.0.3)
      domain_name (~> 0.5)
    json-ld (2.2.1)
      multi_json (~> 1.12)
      rdf (>= 2.2.8, < 4.0)
    link_header (0.0.8)
    metainspector (5.4.0)
      addressable (~> 2.4)
      faraday (~> 0.9)
      faraday-cookie_jar (~> 0.0)
      faraday-encoding (~> 0.0.3)
      faraday-http-cache (~> 1.2)
      faraday_middleware (~> 0.10)
      fastimage (~> 2.0)
      nesty (~> 1.0)
      nokogiri (~> 1.6)
    mida (0.4.0)
      addressable (~> 2.4)
      nokogiri (>= 1.6)
    mini_portile (0.6.2)
    multi_json (1.13.1)
    multipart-post (2.0.0)
    nesty (1.0.2)
    nokogiri (1.6.6.2)
      mini_portile (~> 0.6.0)
    parallel (1.12.1)
    public_suffix (3.0.2)
    rdf (3.0.2)
      hamster (~> 3.0)
      link_header (~> 0.0, >= 0.0.8)
    unf (0.1.4)
      unf_ext
    unf_ext (0.0.6)
    yajl-ruby (1.2.1)

PLATFORMS
  ruby

DEPENDENCIES
  json-ld
  metainspector
  mida
  nokogiri (= 1.6.6.2)
  parallel
  unf_ext (= 0.0.6)
  yajl-ruby (= 1.2.1)

RUBY VERSION
   ruby 2.2.2p95

BUNDLED WITH
   1.14.6
